PATH
  remote: .
  specs:
    ethash (0.0.1)

GEM
  remote: https://ruby.taobao.org/
  specs:
    minitest (5.8.3)
    rake (10.5.0)
    rake-compiler (0.9.5)
      rake
    yard (0.8.7.6)

PLATFORMS
  ruby

DEPENDENCIES
  ethash!
  minitest (= 5.8.3)
  rake (~> 10.5)
  rake-compiler (~> 0.9)
  yard (= 0.8.7.6)

BUNDLED WITH
   1.11.2
